GEM
  remote: http://rubygems.org/
  specs:
    actionmailer (2.3.8)
      actionpack (= 2.3.8)
    actionpack (2.3.8)
      activesupport (= 2.3.8)
      rack (~> 1.1.0)
    activerecord (2.3.8)
      activesupport (= 2.3.8)
    activeresource (2.3.8)
      activesupport (= 2.3.8)
    activesupport (2.3.8)
    builder (2.1.2)
    cucumber (0.9.3)
      builder (~> 2.1.2)
      diff-lcs (~> 1.1.2)
      gherkin (~> 2.2.9)
      json (~> 1.4.6)
      term-ansicolor (~> 1.0.5)
    diff-lcs (1.1.2)
    gemcutter (0.6.1)
    gherkin (2.2.9)
      json (~> 1.4.6)
      term-ansicolor (~> 1.0.5)
    git (1.2.5)
    jeweler (1.4.0)
      gemcutter (>= 0.1.0)
      git (>= 1.2.5)
      rubyforge (>= 2.0.0)
    json (1.4.6)
    json_pure (1.4.6)
    rack (1.1.0)
    rails (2.3.8)
      actionmailer (= 2.3.8)
      actionpack (= 2.3.8)
      activerecord (= 2.3.8)
      activeresource (= 2.3.8)
      activesupport (= 2.3.8)
      rake (>= 0.8.3)
    rake (0.8.7)
    rspec (1.3.2)
    rspec-rails (1.3.2)
      rack (>= 1.0.0)
      rspec (>= 1.3.0)
    rubyforge (2.0.4)
      json_pure (>= 1.1.7)
    term-ansicolor (1.0.5)

PLATFORMS
  ruby

DEPENDENCIES
  cucumber (= 0.9.3)
  jeweler
  rails (= 2.3.8)
  rspec (= 1.3.2)
  rspec-rails (= 1.3.2)
